GEM
  remote: https://rubygems.org/
  specs:
    coderay (1.1.1)
    erubis (2.7.0)
    method_source (0.8.2)
    pry (0.10.3)
      coderay (~> 1.1.0)
      method_source (~> 0.8.1)
      slop (~> 3.4)
    rake (10.3.2)
    slop (3.6.0)
    thor (0.19.1)
    tmuxinator (0.8.1)
      erubis (~> 2.6)
      thor (~> 0.19, >= 0.15.0)

PLATFORMS
  ruby

DEPENDENCIES
  pry
  rake (~> 10.3.2)
  tmuxinator

BUNDLED WITH
   1.10.6
